GEM
  remote: https://rubygems.org/
  specs:
    addressable (2.3.8)
    colored (1.2)
    ethon (0.7.3)
      ffi (>= 1.3.0)
    ffi (1.9.8)
    html-proofer (2.2.0)
      addressable (~> 2.3)
      colored (~> 1.2)
      mercenary (~> 0.3.2)
      nokogiri (~> 1.5)
      parallel (~> 1.3)
      typhoeus (~> 0.7)
      yell (~> 2.0)
    mercenary (0.3.5)
    mini_portile (0.6.2)
    nokogiri (1.6.6.2)
      mini_portile (~> 0.6.0)
    parallel (1.4.1)
    typhoeus (0.7.1)
      ethon (>= 0.7.1)
    yell (2.0.5)

PLATFORMS
  ruby

DEPENDENCIES
  html-proofer (~> 2.2.0)
